GEM
  remote: https://rubygems.org/
  specs:
    comp_tree (1.1.3)
    diff-lcs (1.2.5)
    drake (0.9.2.0.3.1)
      comp_tree (>= 1.1.3)
    rake (11.2.2)
    rspec-core (3.5.1)
      rspec-support (~> 3.5.0)
    rspec-expectations (3.5.0)
      diff-lcs (>= 1.2.0, < 2.0)
      rspec-support (~> 3.5.0)
    rspec-support (3.5.0)

PLATFORMS
  ruby

DEPENDENCIES
  drake
  rake
  rspec-core
  rspec-expectations

BUNDLED WITH
   1.12.5
